GEM
  remote: https://rubygems.org/
  specs:
    color (1.8)
    concurrent-ruby (1.1.5)
    mqtt (0.5.0)
    tzinfo (2.0.0)
      concurrent-ruby (~> 1.0)

PLATFORMS
  ruby

DEPENDENCIES
  color
  mqtt
  tzinfo

BUNDLED WITH
   2.0.1
