GEM
  remote: https://rubygems.org/
  specs:
    color (1.8)
    mqtt (0.5.0)

PLATFORMS
  ruby

DEPENDENCIES
  color
  mqtt

BUNDLED WITH
   2.0.1
