GEM
  remote: https://rubygems.org/
  specs:
    faraday (0.14.0)
      multipart-post (>= 1.2, < 3)
    mqtt (0.5.0)
    multipart-post (2.0.0)
    octoprint_api (0.1.0)
      faraday (~> 0.14.0)
    pj_link (1.0.0)

PLATFORMS
  ruby

DEPENDENCIES
  mqtt
  octoprint_api
  pj_link

BUNDLED WITH
   2.0.1
